GIT
  remote: https://github.com/jilion/rack-devise_cookie_auth.git
  revision: f88f909f008d793c47dbc46590cca6ab19ff5552
  specs:
    rack-devise_cookie_auth (0.1.0)
      activesupport (>= 2.3.2)
      rack (>= 1.0)

GEM
  remote: https://rubygems.org/
  specs:
    activesupport (4.0.0)
      i18n (~> 0.6, >= 0.6.4)
      minitest (~> 4.2)
      multi_json (~> 1.3)
      thread_safe (~> 0.1)
      tzinfo (~> 0.3.37)
    atomic (1.1.13)
    atomic (1.1.13-java)
    celluloid (0.14.1)
      timers (>= 1.0.0)
    connection_pool (1.1.0)
    daemons (1.1.9)
    eventmachine (1.0.3)
    eventmachine (1.0.3-java)
    i18n (0.6.5)
    json (1.8.0)
    json (1.8.0-java)
    minitest (4.7.5)
    multi_json (1.7.9)
    rack (1.5.2)
    rack-protection (1.5.0)
      rack
    rack-ssl (1.3.3)
      rack
    rack-status (1.0.0)
    redis (3.0.4)
    redis-namespace (1.3.1)
      redis (~> 3.0.0)
    sidekiq (2.14.0)
      celluloid (>= 0.14.1)
      connection_pool (>= 1.0.0)
      json
      redis (>= 3.0.4)
      redis-namespace
    sinatra (1.4.3)
      rack (~> 1.4)
      rack-protection (~> 1.4)
      tilt (~> 1.3, >= 1.3.4)
    thin (1.5.1)
      daemons (>= 1.0.9)
      eventmachine (>= 0.12.6)
      rack (>= 1.0.0)
    thread_safe (0.1.2)
      atomic
    thread_safe (0.1.2-java)
      atomic
    tilt (1.4.1)
    timers (1.1.0)
    tzinfo (0.3.37)

PLATFORMS
  java
  ruby

DEPENDENCIES
  bundler
  rack-devise_cookie_auth!
  rack-ssl
  rack-status
  sidekiq
  sinatra
  thin
