GIT
  remote: git://github.com/jilion/rack-devise_cookie_auth.git
  revision: f88f909f008d793c47dbc46590cca6ab19ff5552
  specs:
    rack-devise_cookie_auth (0.1.0)
      activesupport (>= 2.3.2)
      rack (>= 1.0)

GEM
  remote: https://rubygems.org/
  specs:
    activesupport (3.2.13)
      i18n (= 0.6.1)
      multi_json (~> 1.0)
    celluloid (0.12.4)
      facter (>= 1.6.12)
      timers (>= 1.0.0)
    connection_pool (1.0.0)
    facter (1.6.18)
    i18n (0.6.1)
    multi_json (1.7.1)
    puma (1.6.3)
      rack (~> 1.2)
    puma (1.6.3-java)
      rack (~> 1.2)
    rack (1.5.2)
    rack-protection (1.5.0)
      rack
    rack-ssl (1.3.3)
      rack
    rack-status (1.0.0)
    redis (3.0.3)
    redis-namespace (1.2.1)
      redis (~> 3.0.0)
    sidekiq (2.8.0)
      celluloid (~> 0.12.0)
      connection_pool (~> 1.0)
      multi_json (~> 1)
      redis (~> 3)
      redis-namespace
    sinatra (1.4.1)
      rack (~> 1.5, >= 1.5.2)
      rack-protection (~> 1.4)
      tilt (~> 1.3, >= 1.3.4)
    slim (1.3.6)
      temple (~> 0.5.5)
      tilt (~> 1.3.3)
    temple (0.5.5)
    tilt (1.3.6)
    timers (1.1.0)

PLATFORMS
  java
  ruby

DEPENDENCIES
  bundler
  puma
  rack-devise_cookie_auth!
  rack-ssl
  rack-status
  sidekiq
  sinatra
  slim
