GIT
  remote: git://github.com/jilion/rack-devise_cookie_auth.git
  revision: f88f909f008d793c47dbc46590cca6ab19ff5552
  specs:
    rack-devise_cookie_auth (0.1.0)
      activesupport (>= 2.3.2)
      rack (>= 1.0)

GIT
  remote: git://github.com/jilion/sidekiq.git
  revision: c7d48e37a6283255e90a6312002c53962a010a90
  branch: fix_dashboard_realtime
  specs:
    sidekiq (2.7.2)
      celluloid (~> 0.12.0)
      connection_pool (~> 1.0)
      multi_json (~> 1)
      redis (~> 3)
      redis-namespace

GEM
  remote: https://rubygems.org/
  specs:
    activesupport (3.2.12)
      i18n (~> 0.6)
      multi_json (~> 1.0)
    celluloid (0.12.4)
      facter (>= 1.6.12)
      timers (>= 1.0.0)
    connection_pool (1.0.0)
    facter (1.6.17)
    i18n (0.6.1)
    multi_json (1.5.1)
    puma (1.6.3)
      rack (~> 1.2)
    puma (1.6.3-java)
      rack (~> 1.2)
    rack (1.5.2)
    rack-protection (1.3.2)
      rack
    rack-ssl (1.3.3)
      rack
    rack-status (1.0.0)
    redis (3.0.2)
    redis-namespace (1.2.1)
      redis (~> 3.0.0)
    sinatra (1.3.4)
      rack (~> 1.4)
      rack-protection (~> 1.3)
      tilt (~> 1.3, >= 1.3.3)
    slim (1.3.6)
      temple (~> 0.5.5)
      tilt (~> 1.3.3)
    temple (0.5.5)
    tilt (1.3.3)
    timers (1.1.0)

PLATFORMS
  java
  ruby

DEPENDENCIES
  bundler
  puma
  rack-devise_cookie_auth!
  rack-ssl
  rack-status
  sidekiq!
  sinatra
  slim
